GEM
  remote: https://rubygems.org/
  specs:
    phlex (1.11.0)
    phlexite (0.1.3)

PLATFORMS
  arm64-darwin-23
  ruby

DEPENDENCIES
  phlex (~> 1.11)
  phlexite (~> 0.1.3)

BUNDLED WITH
   2.5.18
